GEM
  remote: https://rubygems.org/
  specs:
    gosu (0.7.50)
    require_all (1.3.2)

PLATFORMS
  ruby

DEPENDENCIES
  gosu
  require_all
